GEM
  remote: https://rubygems.org/
  specs:
    activemodel (4.1.1)
      activesupport (= 4.1.1)
      builder (~> 3.1)
    activesupport (4.1.1)
      i18n (~> 0.6, >= 0.6.9)
      json (~> 1.7, >= 1.7.7)
      minitest (~> 5.1)
      thread_safe (~> 0.1)
      tzinfo (~> 1.1)
    armor (0.0.3)
    builder (3.2.2)
    byebug (3.1.2)
      columnize (~> 0.8)
      debugger-linecache (~> 1.2)
    cairo (1.12.9)
      pkg-config (>= 1.1.5)
    carrierwave (0.10.0)
      activemodel (>= 3.2.0)
      activesupport (>= 3.2.0)
      json (>= 1.7)
      mime-types (>= 1.16)
    carrierwave-sequel (0.1.0)
      carrierwave
      sequel
    celluloid (0.15.2)
      timers (~> 1.1.0)
    columnize (0.8.9)
    cuba (3.1.1)
      rack
    cuba-sendfile (0.0.2)
      cuba
    debugger-linecache (1.2.0)
    dotenv (0.11.1)
      dotenv-deployment (~> 0.0.2)
    dotenv-deployment (0.0.2)
    encrypted_cookie (0.0.4)
    excon (0.36.0)
    ffi (1.9.3)
    fog (1.22.1)
      fog-brightbox
      fog-core (~> 1.22)
      fog-json
      ipaddress (~> 0.5)
      nokogiri (~> 1.5, >= 1.5.11)
    fog-brightbox (0.0.2)
      fog-core
      fog-json
    fog-core (1.22.0)
      builder
      excon (~> 0.33)
      formatador (~> 0.2)
      mime-types
      net-scp (~> 1.1)
      net-ssh (>= 2.1.3)
    fog-json (1.0.0)
      multi_json (~> 1.0)
    foreman (0.71.0)
      dotenv (~> 0.11.1)
      thor (~> 0.19.1)
    formatador (0.2.5)
    gdk_pixbuf2 (2.2.0)
      glib2 (= 2.2.0)
    glib2 (2.2.0)
      pkg-config
    i18n (0.6.9)
    ipaddress (0.8.0)
    json (1.8.1)
    listen (2.7.7)
      celluloid (>= 0.15.2)
      rb-fsevent (>= 0.9.3)
      rb-inotify (>= 0.9)
    mime-types (2.3)
    mini_portile (0.6.0)
    minitest (5.3.4)
    mocoso (1.2.1)
    multi_json (1.10.1)
    net-scp (1.2.1)
      net-ssh (>= 2.6.5)
    net-ssh (2.9.1)
    nokogiri (1.6.2.1)
      mini_portile (= 0.6.0)
    pg (0.17.1)
    pkg-config (1.1.5)
    puma (2.8.2)
      rack (>= 1.1, < 2.0)
    rack (1.5.2)
    rack-protection (1.5.3)
      rack
    rack-ssl (1.4.1)
      rack
    rack-test (0.6.2)
      rack (>= 1.0)
    rake (10.3.2)
    rb-fsevent (0.9.4)
    rb-inotify (0.9.5)
      ffi (>= 0.5.0)
    rerun (0.10.0)
      listen (~> 2.7, >= 2.7.3)
    rsvg2 (2.2.0)
      cairo (>= 1.12.8)
      gdk_pixbuf2 (= 2.2.0)
    sequel (4.11.0)
    shield (2.1.0)
      armor
    thor (0.19.1)
    thread_safe (0.3.4)
    timers (1.1.0)
    tzinfo (1.2.1)
      thread_safe (~> 0.1)

PLATFORMS
  ruby

DEPENDENCIES
  byebug
  carrierwave (~> 0.10)
  carrierwave-sequel (~> 0.1)
  cuba (~> 3.1)
  cuba-sendfile (~> 0.0.2)
  dotenv (~> 0.10)
  encrypted_cookie (~> 0.0.4)
  fog (~> 1.20)
  foreman
  minitest
  mocoso
  nokogiri (~> 1.6)
  pg (~> 0.17)
  puma (~> 2.8)
  rack-protection (~> 1.5)
  rack-ssl
  rack-test
  rake (~> 10.1)
  rerun
  rsvg2
  sequel (~> 4.8)
  shield (~> 2.1)
